GEM
  remote: https://rubygems.org/
  specs:
    imessage (0.3.1)

PLATFORMS
  ruby

DEPENDENCIES
  imessage

BUNDLED WITH
   1.16.0
